GIT
  remote: http://github.com/ahoward/open4.git
  revision: b45122a059dcc6a0feba31c0e6a14b02036d63d4
  specs:
    open4 (1.0.1)

GEM
  remote: http://rubygems.org/
  specs:
    SystemTimer (1.2)
    activemodel (3.0.0)
      activesupport (= 3.0.0)
      builder (~> 2.1.2)
      i18n (~> 0.4.1)
    activesupport (3.0.0)
    ai4r (1.9)
    bson (1.0.4)
    bson_ext (1.0.4)
    builder (2.1.2)
    columnize (0.3.1)
    diff-lcs (1.1.2)
    git (1.2.5)
    haml (3.0.18)
    i18n (0.4.1)
    jeweler (1.5.0.pre3)
      bundler (~> 1.0.0)
      git (>= 1.2.5)
      rake
    json (1.4.6)
    linecache (0.43)
    mongo (1.0.7)
      bson (>= 1.0.4)
    mongoid (2.0.0.beta.17)
      activemodel (~> 3.0.0)
      bson (= 1.0.4)
      mongo (= 1.0.7)
      tzinfo (~> 0.3.22)
      will_paginate (~> 3.0.pre)
    rack (1.2.1)
    rake (0.8.7)
    rcov (0.9.9)
    redis (2.0.8)
    redis-namespace (0.8.0)
      redis (< 3.0.0)
    resque (1.10.0)
      json (~> 1.4.6)
      redis-namespace (~> 0.8.0)
      sinatra (>= 0.9.2)
      vegas (~> 0.1.2)
    rspec (2.0.0.beta.22)
      rspec-core (= 2.0.0.beta.22)
      rspec-expectations (= 2.0.0.beta.22)
      rspec-mocks (= 2.0.0.beta.22)
    rspec-core (2.0.0.beta.22)
    rspec-expectations (2.0.0.beta.22)
      diff-lcs (>= 1.1.2)
    rspec-mocks (2.0.0.beta.22)
      rspec-core (= 2.0.0.beta.22)
      rspec-expectations (= 2.0.0.beta.22)
    ruby-debug (0.10.3)
      columnize (>= 0.1)
      ruby-debug-base (~> 0.10.3.0)
    ruby-debug-base (0.10.3)
      linecache (>= 0.3)
    sinatra (1.0)
      rack (>= 1.0)
    tzinfo (0.3.23)
    vegas (0.1.7)
      rack (>= 1.0.0)
    will_paginate (3.0.pre2)
    yajl-ruby (0.7.7)

PLATFORMS
  ruby

DEPENDENCIES
  SystemTimer
  activesupport (~> 3.0.0)
  ai4r
  bson_ext (= 1.0.4)
  bundler (~> 1.0.0)
  haml
  jeweler (~> 1.5.0.pre3)
  mongoid (= 2.0.0.beta.17)
  open4!
  rcov
  resque
  rspec (>= 2.0.0.beta.20)
  ruby-debug
  sinatra
  yajl-ruby
