GIT
  remote: http://github.com/ahoward/open4.git
  revision: b45122a059dcc6a0feba31c0e6a14b02036d63d4
  specs:
    open4 (1.0.1)

GEM
  remote: http://rubygems.org/
  specs:
    activesupport (3.0.0)
    ai4r (1.9)
    diff-lcs (1.1.2)
    git (1.2.5)
    jeweler (1.5.0.pre3)
      bundler (~> 1.0.0)
      git (>= 1.2.5)
      rake
    rake (0.8.7)
    rcov (0.9.9)
    rspec (2.0.0.beta.22)
      rspec-core (= 2.0.0.beta.22)
      rspec-expectations (= 2.0.0.beta.22)
      rspec-mocks (= 2.0.0.beta.22)
    rspec-core (2.0.0.beta.22)
    rspec-expectations (2.0.0.beta.22)
      diff-lcs (>= 1.1.2)
    rspec-mocks (2.0.0.beta.22)
      rspec-core (= 2.0.0.beta.22)
      rspec-expectations (= 2.0.0.beta.22)

PLATFORMS
  ruby

DEPENDENCIES
  activesupport (~> 3.0.0)
  ai4r
  bundler (~> 1.0.0)
  jeweler (~> 1.5.0.pre3)
  open4!
  rcov
  rspec (>= 2.0.0.beta.20)
